GEM
  remote: https://rubygems.org/
  specs:
    byebug (10.0.1)
    exif (2.2.0)

PLATFORMS
  ruby

DEPENDENCIES
  byebug
  exif

BUNDLED WITH
   1.16.0
