GEM
  remote: https://rubygems.org/
  specs:
    exifr (1.3.2)

PLATFORMS
  ruby

DEPENDENCIES
  exifr

BUNDLED WITH
   1.14.6
