GEM
  remote: https://rubygems.org/
  specs:
    byebug (11.1.3)
    exifr (1.3.6)

PLATFORMS
  ruby

DEPENDENCIES
  byebug
  exifr

BUNDLED WITH
   2.1.4
